GEM
  remote: https://rubygems.org/
  specs:
    ffi (1.9.10-x64-mingw32)
    ffi (1.9.10-x86-mingw32)
    jekyll-feed (0.4.0)
    jekyll-paginate (1.1.0)
    jekyll-watch (1.3.1)
      listen (~> 3.0)
    kramdown (1.10.0)
    listen (3.0.6)
      rb-fsevent (>= 0.9.3)
      rb-inotify (>= 0.9.7)
    rb-fsevent (0.9.7)
    rb-inotify (0.9.7)
      ffi (>= 0.5.0)

PLATFORMS
  x64-mingw32
  x86-mingw32

DEPENDENCIES
  jekyll-feed
  jekyll-paginate
  jekyll-watch
  kramdown

BUNDLED WITH
   1.11.2
